GEM
  remote: https://rubygems.org/
  specs:
    mono_logger (1.1.1)
    multi_json (1.15.0)
    mustermann (3.0.0)
      ruby2_keywords (~> 0.0.1)
    rack (2.2.4)
    rack-protection (3.0.2)
      rack
    redis (4.8.0)
    redis-namespace (1.9.0)
      redis (>= 4)
    resque (2.2.1)
      mono_logger (~> 1.0)
      multi_json (~> 1.0)
      redis-namespace (~> 1.6)
      sinatra (>= 0.9.2)
    resque-heroku-signals (2.2.1)
      resque (= 2.2.1)
    ruby2_keywords (0.0.5)
    sinatra (3.0.2)
      mustermann (~> 3.0)
      rack (~> 2.2, >= 2.2.4)
      rack-protection (= 3.0.2)
      tilt (~> 2.0)
    tilt (2.0.11)

PLATFORMS
  arm64-darwin-21
  ruby

DEPENDENCIES
  redis (~> 4.6)
  resque (~> 2.2.1)
  resque-heroku-signals

BUNDLED WITH
   2.2.22
